GEM
  remote: https://rubygems.org/
  specs:
    activesupport (7.2.2)
      base64
      benchmark (>= 0.3)
      bigdecimal
      concurrent-ruby (~> 1.0, >= 1.3.1)
      connection_pool (>= 2.2.5)
      drb
      i18n (>= 1.6, < 2)
      logger (>= 1.4.2)
      minitest (>= 5.1)
      securerandom (>= 0.3)
      tzinfo (~> 2.0, >= 2.0.5)
    ast (2.4.2)
    base64 (0.2.0)
    benchmark (0.3.0)
    bigdecimal (3.1.8)
    concurrent-ruby (1.3.4)
    connection_pool (2.4.1)
    drb (2.2.1)
    erubi (1.13.0)
    i18n (1.14.6)
      concurrent-ruby (~> 1.0)
    json (2.8.1)
    language_server-protocol (3.17.0.3)
    logger (1.6.1)
    minitest (5.25.1)
    netrc (0.11.0)
    parallel (1.26.3)
    parser (3.3.6.0)
      ast (~> 2.4.1)
      racc
    prism (1.2.0)
    racc (1.8.1)
    rainbow (3.1.1)
    rbi (0.2.1)
      prism (~> 1.0)
      sorbet-runtime (>= 0.5.9204)
    regexp_parser (2.9.2)
    rubocop (1.68.0)
      json (~> 2.3)
      language_server-protocol (>= 3.17.0)
      parallel (~> 1.10)
      parser (>= 3.3.0.2)
      rainbow (>= 2.2.2, < 4.0)
      regexp_parser (>= 2.4, < 3.0)
      rubocop-ast (>= 1.32.2, < 2.0)
      ruby-progressbar (~> 1.7)
      unicode-display_width (>= 2.4.0, < 3.0)
    rubocop-ast (1.34.0)
      parser (>= 3.3.1.0)
    rubocop-shopify (2.15.1)
      rubocop (~> 1.51)
    ruby-progressbar (1.13.0)
    securerandom (0.3.1)
    sorbet (0.5.11642)
      sorbet-static (= 0.5.11642)
    sorbet-runtime (0.5.11642)
    sorbet-static (0.5.11642-aarch64-linux)
    sorbet-static (0.5.11642-universal-darwin)
    sorbet-static (0.5.11642-x86_64-linux)
    sorbet-static-and-runtime (0.5.11642)
      sorbet (= 0.5.11642)
      sorbet-runtime (= 0.5.11642)
    spoom (1.5.0)
      erubi (>= 1.10.0)
      prism (>= 0.28.0)
      sorbet-static-and-runtime (>= 0.5.10187)
      thor (>= 0.19.2)
    tapioca (0.16.4)
      bundler (>= 2.2.25)
      netrc (>= 0.11.0)
      parallel (>= 1.21.0)
      rbi (~> 0.2)
      sorbet-static-and-runtime (>= 0.5.11087)
      spoom (>= 1.2.0)
      thor (>= 1.2.0)
      yard-sorbet
    thor (1.3.2)
    tzinfo (2.0.6)
      concurrent-ruby (~> 1.0)
    unicode-display_width (2.6.0)
    yard (0.9.37)
    yard-sorbet (0.9.0)
      sorbet-runtime
      yard

PLATFORMS
  aarch64-linux
  aarch64-linux-android
  aarch64-linux-gnu
  aarch64-linux-musl
  aarch64-mingw-ucrt
  arm-linux-androideabi
  arm-linux-gnu
  arm-linux-gnueabihf
  arm-linux-musl
  arm-linux-musleabihf
  arm64-darwin
  riscv64-linux-android
  riscv64-linux-gnu
  riscv64-linux-musl
  ruby
  x86-cygwin
  x86-linux
  x86-linux-android
  x86-linux-gnu
  x86-linux-musl
  x86-mingw-ucrt
  x86_64-cygwin
  x86_64-darwin
  x86_64-linux
  x86_64-linux-android
  x86_64-linux-gnu
  x86_64-linux-musl

DEPENDENCIES
  activesupport
  rubocop-shopify
  sorbet
  sorbet-runtime
  tapioca
  thor (~> 1.3)

BUNDLED WITH
   2.5.3
